PATH
  remote: .
  specs:
    rollout (0.0.1)
      hipchat-api
      thor

GEM
  remote: http://rubygems.org/
  specs:
    hipchat-api (1.0.4)
      httparty
    httparty (0.9.0)
      multi_json (~> 1.0)
      multi_xml
    multi_json (1.3.7)
    multi_xml (0.5.1)
    thor (0.16.0)

PLATFORMS
  ruby

DEPENDENCIES
  bundler (>= 1.0.0)
  rollout!
